GEM
  remote: https://rubygems.org/
  specs:
    active_model_serializers (0.9.7)
      activemodel (>= 3.2)
      concurrent-ruby (~> 1.0)
    activemodel (6.1.7.1)
      activesupport (= 6.1.7.1)
    activerecord (6.1.7.1)
      activemodel (= 6.1.7.1)
      activesupport (= 6.1.7.1)
    activesupport (6.1.7.1)
      concurrent-ruby (~> 1.0, >= 1.0.2)
      i18n (>= 1.6, < 2)
      minitest (>= 5.1)
      tzinfo (~> 2.0)
      zeitwerk (~> 2.3)
    addressable (2.4.0)
    amq-protocol (2.3.0)
    ast (2.4.0)
    backports (3.15.0)
    builder (3.2.4)
    bunny (2.5.1)
      amq-protocol (>= 2.0.1)
    ci_reporter (2.0.0)
      builder (>= 2.1.2)
    ci_reporter_rspec (1.0.0)
      ci_reporter (~> 2.0)
      rspec (>= 2.14, < 4)
    concurrent-ruby (1.1.10)
    crack (0.4.3)
      safe_yaml (~> 1.0.0)
    diff-lcs (1.3)
    domain_name (0.5.20190701)
      unf (>= 0.0.5, < 1.0.0)
    hashdiff (1.0.0)
    http-cookie (1.0.3)
      domain_name (~> 0.5)
    i18n (1.12.0)
      concurrent-ruby (~> 1.0)
    mime-types (3.2.2)
      mime-types-data (~> 3.2015)
    mime-types-data (3.2019.0331)
    minitest (5.17.0)
    multi_json (1.13.1)
    netrc (0.11.0)
    parser (2.6.3.0)
      ast (~> 2.4.0)
    pg (0.18.4)
    powerpack (0.1.2)
    puma (3.11.0)
    rack (1.6.11)
    rack-parser (0.7.0)
      rack
    rack-protection (1.5.5)
      rack
    rack-test (0.6.3)
      rack (>= 1.0)
    rainbow (2.2.2)
      rake
    rake (11.2.2)
    rest-client (2.0.0)
      http-cookie (>= 1.0.2, < 2.0)
      mime-types (>= 1.16, < 4.0)
      netrc (~> 0.8)
    rspec (3.7.0)
      rspec-core (~> 3.7.0)
      rspec-expectations (~> 3.7.0)
      rspec-mocks (~> 3.7.0)
    rspec-core (3.7.1)
      rspec-support (~> 3.7.0)
    rspec-expectations (3.7.0)
      diff-lcs (>= 1.2.0, < 2.0)
      rspec-support (~> 3.7.0)
    rspec-its (1.2.0)
      rspec-core (>= 3.0.0)
      rspec-expectations (>= 3.0.0)
    rspec-mocks (3.7.0)
      diff-lcs (>= 1.2.0, < 2.0)
      rspec-support (~> 3.7.0)
    rspec-support (3.7.1)
    rubocop (0.42.0)
      parser (>= 2.3.1.1, < 3.0)
      powerpack (~> 0.1)
      rainbow (>= 1.99.1, < 3.0)
      ruby-progressbar (~> 1.7)
      unicode-display_width (~> 1.0, >= 1.0.1)
    rubocop-checkstyle_formatter (0.3.0)
      rubocop (>= 0.30.1)
    ruby-progressbar (1.10.1)
    rubyzip (1.2.0)
    safe_yaml (1.0.5)
    sinatra (1.4.7)
      rack (~> 1.5)
      rack-protection (~> 1.4)
      tilt (>= 1.3, < 3)
    sinatra-active-model-serializers (0.2.2)
      active_model_serializers (~> 0.9.0)
      sinatra (~> 1.4)
      sinatra-activerecord (>= 2.0.0)
      sinatra-contrib (>= 1.4.1)
    sinatra-activerecord (2.0.4)
      activerecord (>= 3.2)
      sinatra (~> 1.0)
    sinatra-contrib (1.4.7)
      backports (>= 2.0)
      multi_json
      rack-protection
      rack-test
      sinatra (~> 1.4.0)
      tilt (>= 1.3, < 3)
    sinatra-cross_origin (0.3.2)
    sinatra-logger (0.1.1)
      sinatra (>= 1.0)
    tilt (2.0.9)
    tzinfo (2.0.5)
      concurrent-ruby (~> 1.0)
    unf (0.1.4)
      unf_ext
    unf_ext (0.0.7.6)
    unicode-display_width (1.6.0)
    webmock (2.1.0)
      addressable (>= 2.3.6)
      crack (>= 0.3.2)
      hashdiff
    zeitwerk (2.6.6)

PLATFORMS
  ruby

DEPENDENCIES
  activerecord (= 6.1.7.1)
  addressable (= 2.4.0)
  bunny (= 2.5.1)
  ci_reporter_rspec (= 1.0.0)
  pg (= 0.18.4)
  puma (= 3.11.0)
  rack-parser (= 0.7.0)
  rack-test (= 0.6.3)
  rake (= 11.2.2)
  rest-client (= 2.0.0)
  rspec (= 3.7.0)
  rspec-its (= 1.2.0)
  rubocop (= 0.42.0)
  rubocop-checkstyle_formatter (= 0.3.0)
  rubyzip (= 1.2.0)
  sinatra (= 1.4.7)
  sinatra-active-model-serializers (= 0.2.2)
  sinatra-activerecord (= 2.0.4)
  sinatra-contrib (= 1.4.7)
  sinatra-cross_origin (= 0.3.2)
  sinatra-logger (= 0.1.1)
  webmock (= 2.1.0)

BUNDLED WITH
   1.17.3
